PATH
  remote: .
  specs:
    csvr (1.0.0)
      sqlite3
      thor

GEM
  remote: https://rubygems.org/
  specs:
    minitest (5.7.0)
    sqlite3 (1.3.10)
    thor (0.19.1)

PLATFORMS
  ruby

DEPENDENCIES
  csvr!
  minitest

BUNDLED WITH
   1.10.5
